STORAGE: NONE
RESTRICTION: == netstandard2.0
NUGET
  remote: https://www.nuget.org/api/v2
    dotnet-fable (2.0.0-beta-001) - clitool: true
    Fable.Core (2.0.0-beta-001)
      FSharp.Core (>= 4.3.4)
    Fable.Elmish (2.0.0-beta-4)
      Fable.Core (>= 2.0.0-beta-001)
      Fable.PowerPack (>= 2.0.0-beta-004)
      FSharp.Core (>= 4.5.2)
    Fable.Elmish.Debugger (2.0.0-beta-4)
      Fable.Core (>= 2.0.0-beta-001)
      Fable.Elmish (>= 2.0.0-beta-4)
      FSharp.Core (>= 4.5.2)
    Fable.Elmish.React (2.0.0-beta-4)
      Fable.Core (>= 2.0.0-beta-001)
      Fable.Elmish (>= 2.0.0-beta-4)
      Fable.PowerPack (>= 2.0.0-beta-004)
      Fable.React (>= 4.0.0-alpha-001)
      FSharp.Core (>= 4.5.2)
    Fable.Import.Browser (1.2.0-beta-001)
      Fable.Core (>= 1.1.10)
      FSharp.Core (>= 4.2.3)
    Fable.PowerPack (2.0.0-beta-004)
      Fable.Core (>= 2.0.0-beta-001)
      Fable.Import.Browser (>= 1.2.0-beta-001)
      FSharp.Core (>= 4.5.2)
      Thoth.Json (>= 2.0.0-beta-004)
    Fable.React (4.0.0-alpha-001)
      Fable.Core (>= 2.0.0-alpha-006)
      Fable.Import.Browser (>= 1.1.1)
      FSharp.Core (>= 4.3.4)
    FSharp.Core (4.5.2) - content: none, redirects: force
    Thoth.Json (2.0.0-beta-004)
      Fable.Core (>= 2.0.0-alpha-011)
      FSharp.Core (>= 4.5)

GROUP Build
RESTRICTION: == net46
NUGET
  remote: https://www.nuget.org/api/v2
    FAKE (5.3)
    FSharp.Core (4.5.2) - content: none, redirects: force
