RESTRICTION: == netstandard2.0
NUGET
  remote: https://www.nuget.org/api/v2
    Fable.Browser.Blob (1.0.0-alpha-001)
      Fable.Core (>= 2.1.0-alpha-002)
      FSharp.Core (>= 4.5.2)
    Fable.Browser.Dom (1.0.0-alpha-004)
      Fable.Browser.Blob (>= 1.0.0-alpha-001)
      Fable.Browser.Event (>= 1.0.0-alpha-001)
      Fable.Browser.WebStorage (>= 1.0.0-alpha-001)
      Fable.Core (>= 2.1.0-alpha-002)
      FSharp.Core (>= 4.5.2)
    Fable.Browser.Event (1.0.0-alpha-001)
      Fable.Core (>= 2.1.0-alpha-002)
      FSharp.Core (>= 4.5.2)
    Fable.Browser.WebStorage (1.0.0-alpha-001)
      Fable.Browser.Event (>= 1.0.0-alpha-001)
      Fable.Core (>= 2.1.0-alpha-002)
      FSharp.Core (>= 4.5.2)
    Fable.Core (3.0.0-beta-005)
      FSharp.Core (>= 4.5.2)
    Fable.Elmish (3.0.0-beta-7)
      Fable.Core (>= 3.0.0-beta-004)
      FSharp.Core (>= 4.6.2)
    Fable.Elmish.React (3.0.0-beta-4)
      Fable.Core (>= 3.0.0-beta-005)
      Fable.Elmish (>= 3.0.0-beta-7)
      Fable.React (>= 5.0.0-alpha-005)
      FSharp.Core (>= 4.6.2)
    Fable.React (5.0.0-alpha-005)
      Fable.Browser.Dom (>= 1.0.0-alpha-003)
      Fable.Core (>= 2.1.0-alpha-002)
      FSharp.Core (>= 4.5.2)
    Fable.Reaction (2.2)
      Fable.Core (>= 2.0.1)
      Fable.Elmish (>= 2.0)
      Fable.React (>= 2.1)
      FSharp.Core (>= 4.5.2)
      Reaction (>= 1.0)
    FSharp.Control.AsyncRx (1.2.1)
      FSharp.Control.AsyncSeq (>= 2.0.21)
      FSharp.Core (>= 4.7)
    FSharp.Control.AsyncSeq (2.0.22)
      FSharp.Core (>= 4.3.2)
    FSharp.Core (4.7) - content: none, redirects: force
    Microsoft.NETCore.Platforms (3.1)
    Microsoft.NETCore.Targets (3.1)
    Reaction (1.0)
      FSharp.Control.AsyncSeq (>= 2.0.21)
      FSharp.Core (>= 4.5.2)
    System.Reactive (4.3.1)
      System.Runtime.InteropServices.WindowsRuntime (>= 4.3)
      System.Threading.Tasks.Extensions (>= 4.5.3)
    System.Runtime (4.3.1)
      Microsoft.NETCore.Platforms (>= 1.1.1)
      Microsoft.NETCore.Targets (>= 1.1.3)
    System.Runtime.CompilerServices.Unsafe (4.7)
    System.Runtime.InteropServices.WindowsRuntime (4.3)
      System.Runtime (>= 4.3)
    System.Threading.Tasks.Extensions (4.5.3)
      System.Runtime.CompilerServices.Unsafe (>= 4.5.2)

GROUP Build
RESTRICTION: == net46
NUGET
  remote: https://www.nuget.org/api/v2
    FAKE (5.3)
    FSharp.Core (4.5.2) - content: none, redirects: force
